GEM
  remote: https://rubygems.org/
  specs:
    highline (1.6.14)
    httparty (0.21.0)
      mini_mime (>= 1.0.0)
      multi_xml (>= 0.5.2)
    mini_mime (1.1.2)
    multi_xml (0.6.0)
    nokogiri (1.5.5)
    snoo (0.0.6)
      httparty
      nokogiri

PLATFORMS
  ruby

DEPENDENCIES
  highline
  snoo
