GEM
  remote: https://rubygems.org/
  specs:
    highline (1.6.14)
    httparty (0.8.3)
      multi_json (~> 1.0)
      multi_xml
    mini_portile2 (2.4.0)
    multi_json (1.3.6)
    multi_xml (0.5.1)
    nokogiri (1.10.8)
      mini_portile2 (~> 2.4.0)
    snoo (0.0.6)
      httparty
      nokogiri

PLATFORMS
  ruby

DEPENDENCIES
  highline
  snoo
